GEM
  remote: http://rubygems.org/
  specs:
    commander (4.4.7)
      highline (~> 2.0.0)
    highline (2.0.0)

PLATFORMS
  ruby

DEPENDENCIES
  commander
  highline

BUNDLED WITH
   1.16.3
